GEM
  remote: https://rubygems.org/
  specs:
    bashcov (1.8.2)
      simplecov (= 0.15.1)
    byebug (11.1.3)
    diff-lcs (1.5.0)
    docile (1.1.5)
    json (2.6.1)
    rouge (3.27.0)
    rspec (3.10.0)
      rspec-core (~> 3.10.0)
      rspec-expectations (~> 3.10.0)
      rspec-mocks (~> 3.10.0)
    rspec-core (3.10.1)
      rspec-support (~> 3.10.0)
    rspec-expectations (3.10.2)
      diff-lcs (>= 1.2.0, < 2.0)
      rspec-support (~> 3.10.0)
    rspec-mocks (3.10.2)
      diff-lcs (>= 1.2.0, < 2.0)
      rspec-support (~> 3.10.0)
    rspec-support (3.10.3)
    simplecov (0.15.1)
      docile (~> 1.1.0)
      json (>= 1.8, < 3)
      simplecov-html (~> 0.10.0)
    simplecov-html (0.10.2)

PLATFORMS
  x86_64-darwin-18
  x86_64-linux

DEPENDENCIES
  bashcov (~> 1.8.2)
  byebug (~> 11.1.3)
  rouge (~> 3.27.0)
  rspec (~> 3.10.0)

RUBY VERSION
   ruby 3.1.0p0

BUNDLED WITH
   2.3.3
